PATH
  remote: .
  specs:
    rails_slb_middleware (0.1.0)
      rack (~> 0)

GEM
  remote: https://rubygems.org/
  specs:
    coderay (1.1.2)
    method_source (0.9.0)
    pry (0.11.3)
      coderay (~> 1.1.0)
      method_source (~> 0.9.0)
    rack (0.9.1)
    rake (10.5.0)

PLATFORMS
  ruby

DEPENDENCIES
  bundler (~> 1.16)
  pry (~> 0.10)
  rails_slb_middleware!
  rake (~> 10.0)

BUNDLED WITH
   1.16.0
